BrainVision Data Exchange Header File Version 1.0
; Data created by the BrainVision Recorder

[Common Infos]
Codepage=UTF-8
DataFile=S107_compasion_pre_RS.eeg
MarkerFile=S107_compasion_pre_RS.vmrk
DataFormat=BINARY
; Data orientation: MULTIPLEXED=ch1,pt1, ch2,pt1 ...
DataOrientation=MULTIPLEXED
NumberOfChannels=31
; Sampling interval in microseconds
SamplingInterval=2000

[Binary Infos]
BinaryFormat=INT_16

[Channel Infos]
; Each entry: Ch<Channel number>=<Name>,<Reference channel name>,
; <Resolution in "Unit">,<Unit>, Future extensions..
; Fields are delimited by commas, some fields might be omitted (empty).
; Commas in channel names are coded as "\1".
Ch1=1,,0.1,µV
Ch2=2,,0.1,µV
Ch3=3,,0.1,µV
Ch4=4,,0.1,µV
Ch5=5,,0.1,µV
Ch6=6,,0.1,µV
Ch7=7,,0.1,µV
Ch8=8,,0.1,µV
Ch9=9,,0.1,µV
Ch10=10,,0.1,µV
Ch11=11,,0.1,µV
Ch12=12,,0.1,µV
Ch13=13,,0.1,µV
Ch14=14,,0.1,µV
Ch15=15,,0.1,µV
Ch16=16,,0.1,µV
Ch17=17,,0.1,µV
Ch18=18,,0.1,µV
Ch19=19,,0.1,µV
Ch20=21,,0.1,µV
Ch21=22,,0.1,µV
Ch22=23,,0.1,µV
Ch23=24,,0.1,µV
Ch24=25,,0.1,µV
Ch25=26,,0.1,µV
Ch26=27,,0.1,µV
Ch27=28,,0.1,µV
Ch28=29,,0.1,µV
Ch29=30,,0.1,µV
Ch30=31,,0.1,µV
Ch31=32,,0.1,µV

[Comment]

BrainVision Recorder Professional   -   V. 1.24.0001


A m p l i f i e r  S e t u p
============================
Number of channels: 31
Sampling Rate [Hz]: 500
Sampling Interval [µS]: 2000

Channels
--------
#     Name      Phys. Chn.    Resolution / Unit   Low Cutoff [s]   High Cutoff [Hz]   Notch [Hz]    Series Res. [kOhm] Gradient         Offset
1     1           1                0.1 µV             10             1000              Off                0                 
2     2           2                0.1 µV             10             1000              Off                0                 
3     3           3                0.1 µV             10             1000              Off                0                 
4     4           4                0.1 µV             10             1000              Off                0                 
5     5           5                0.1 µV             10             1000              Off                0                 
6     6           6                0.1 µV             10             1000              Off                0                 
7     7           7                0.1 µV             10             1000              Off                0                 
8     8           8                0.1 µV             10             1000              Off                0                 
9     9           9                0.1 µV             10             1000              Off                0                 
10    10          10               0.1 µV             10             1000              Off                0                 
11    11          11               0.1 µV             10             1000              Off                0                 
12    12          12               0.1 µV             10             1000              Off                0                 
13    13          13               0.1 µV             10             1000              Off                0                 
14    14          14               0.1 µV             10             1000              Off                0                 
15    15          15               0.1 µV             10             1000              Off                0                 
16    16          16               0.1 µV             10             1000              Off                0                 
17    17          17               0.1 µV             10             1000              Off                0                 
18    18          18               0.1 µV             10             1000              Off                0                 
19    19          19               0.1 µV             10             1000              Off                0                 
20    21          21               0.1 µV             10             1000              Off                0                 
21    22          22               0.1 µV             10             1000              Off                0                 
22    23          23               0.1 µV             10             1000              Off                0                 
23    24          24               0.1 µV             10             1000              Off                0                 
24    25          25               0.1 µV             10             1000              Off                0                 
25    26          26               0.1 µV             10             1000              Off                0                 
26    27          27               0.1 µV             10             1000              Off                0                 
27    28          28               0.1 µV             10             1000              Off                0                 
28    29          29               0.1 µV             10             1000              Off                0                 
29    30          30               0.1 µV             10             1000              Off                0                 
30    31          31               0.1 µV             10             1000              Off                0                 
31    32          32               0.1 µV             10             1000              Off                0                 

S o f t w a r e  F i l t e r s
==============================
Disabled


Data Electrodes Selected Impedance Measurement Range: 0 - 100 kOhm
Ground Electrode Selected Impedance Measurement Range: 0 - 10 kOhm
Reference Electrode Selected Impedance Measurement Range: 0 - 10 kOhm
Impedance [kOhm] at 08:52:51 :
1:           29
2:           10
3:           14
4:           25
5:           15
6:           18
7:           22
8:           28
9:           35
10:          36
11:          30
12:          13
13:          49
14:          25
15:          25
16:          18
17:          21
18:          22
19:          23
21:          69
22:          43
23:          22
24:          21
25:          34
26:          23
27:          26
28:          25
29:          20
30:          35
31:          41
32:          33
Ref:         19
Gnd:         16
