BrainVision Data Exchange Header File Version 1.0
; Data created by the BrainVision Recorder

[Common Infos]
Codepage=UTF-8
DataFile=testExp_ASDADAS.eeg
MarkerFile=testExp_ASDADAS.vmrk
DataFormat=BINARY
; Data orientation: MULTIPLEXED=ch1,pt1, ch2,pt1 ...
DataOrientation=MULTIPLEXED
NumberOfChannels=32
; Sampling interval in microseconds
SamplingInterval=4000

[Binary Infos]
BinaryFormat=INT_16

[Channel Infos]
; Each entry: Ch<Channel number>=<Name>,<Reference channel name>,
; <Resolution in "Unit">,<Unit>, Future extensions..
; Fields are delimited by commas, some fields might be omitted (empty).
; Commas in channel names are coded as "\1".
Ch1=Fp1,,0.1,µV
Ch2=Fp2,,0.1,µV
Ch3=F3,,0.1,µV
Ch4=F4,,0.1,µV
Ch5=C3,,0.1,µV
Ch6=C4,,0.1,µV
Ch7=P3,,0.1,µV
Ch8=P4,,0.1,µV
Ch9=O1,,0.1,µV
Ch10=O2,,0.1,µV
Ch11=F7,,0.1,µV
Ch12=F8,,0.1,µV
Ch13=T7,,0.1,µV
Ch14=T8,,0.1,µV
Ch15=P7,,0.1,µV
Ch16=P8,,0.1,µV
Ch17=Fz,,0.1,µV
Ch18=Cz,,0.1,µV
Ch19=Pz,,0.1,µV
Ch20=FC1,,0.1,µV
Ch21=FC2,,0.1,µV
Ch22=CP1,,0.1,µV
Ch23=CP2,,0.1,µV
Ch24=FC5,,0.1,µV
Ch25=FC6,,0.1,µV
Ch26=CP5,,0.1,µV
Ch27=CP6,,0.1,µV
Ch28=TP9,,0.1,µV
Ch29=TP10,,0.1,µV
Ch30=Eog,,0.1,µV
Ch31=Ekg1,,0.1,µV
Ch32=Ekg2,,0.1,µV

[Comment]

BrainVision Recorder Professional   -   V. 1.24.0001


A m p l i f i e r  S e t u p
============================
Number of channels: 32
Sampling Rate [Hz]: 250
Sampling Interval [µS]: 4000

Channels
--------
#     Name      Phys. Chn.    Resolution / Unit   Low Cutoff [s]   High Cutoff [Hz]   Notch [Hz]    Series Res. [kOhm] Gradient         Offset
1     Fp1         1                0.1 µV             10             1000              Off                0                 
2     Fp2         2                0.1 µV             10             1000              Off                0                 
3     F3          3                0.1 µV             10             1000              Off                0                 
4     F4          4                0.1 µV             10             1000              Off                0                 
5     C3          5                0.1 µV             10             1000              Off                0                 
6     C4          6                0.1 µV             10             1000              Off                0                 
7     P3          7                0.1 µV             10             1000              Off                0                 
8     P4          8                0.1 µV             10             1000              Off                0                 
9     O1          9                0.1 µV             10             1000              Off                0                 
10    O2          10               0.1 µV             10             1000              Off                0                 
11    F7          11               0.1 µV             10             1000              Off                0                 
12    F8          12               0.1 µV             10             1000              Off                0                 
13    T7          13               0.1 µV             10             1000              Off                0                 
14    T8          14               0.1 µV             10             1000              Off                0                 
15    P7          15               0.1 µV             10             1000              Off                0                 
16    P8          16               0.1 µV             10             1000              Off                0                 
17    Fz          17               0.1 µV             10             1000              Off                0                 
18    Cz          18               0.1 µV             10             1000              Off                0                 
19    Pz          19               0.1 µV             10             1000              Off                0                 
20    FC1         20               0.1 µV             10             1000              Off                0                 
21    FC2         21               0.1 µV             10             1000              Off                0                 
22    CP1         22               0.1 µV             10             1000              Off                0                 
23    CP2         23               0.1 µV             10             1000              Off                0                 
24    FC5         24               0.1 µV             10             1000              Off                0                 
25    FC6         25               0.1 µV             10             1000              Off                0                 
26    CP5         26               0.1 µV             10             1000              Off                0                 
27    CP6         27               0.1 µV             10             1000              Off                0                 
28    TP9         28               0.1 µV             10             1000              Off                0                 
29    TP10        29               0.1 µV             10             1000              Off                0                 
30    Eog         30               0.1 µV             10             1000              Off                0                 
31    Ekg1        31               0.1 µV             10             1000              Off                0                 
32    Ekg2        32               0.1 µV             10             1000              Off                0                 

S o f t w a r e  F i l t e r s
==============================
#     Low Cutoff [s]   High Cutoff [Hz]   Notch [Hz]
1      0.3              70                 Off
2      0.3              70                 Off
3      0.3              70                 Off
4      0.3              70                 Off
5      0.3              70                 Off
6      0.3              70                 Off
7      0.3              70                 Off
8      0.3              70                 Off
9      0.3              70                 Off
10     0.3              70                 Off
11     0.3              70                 Off
12     0.3              70                 Off
13     0.3              70                 Off
14     0.3              70                 Off
15     0.3              70                 Off
16     0.3              70                 Off
17     0.3              70                 Off
18     0.3              70                 Off
19     0.3              70                 Off
20     0.3              70                 Off
21     0.3              70                 Off
22     0.3              70                 Off
23     0.3              70                 Off
24     0.3              70                 Off
25     0.3              70                 Off
26     0.3              70                 Off
27     0.3              70                 Off
28     0.3              70                 Off
29     0.3              70                 Off
30     0.3              70                 Off
31     0.3              70                 Off
32     0.3              70                 Off


No impedance values available at 16:06:13!
